##TITLE= Parameter file, TOPSPIN		Version 3.2
##JCAMPDX= 5.0
##DATATYPE= Parameter Values
##NPOINTS= 9	$$ modification sequence number
##ORIGIN= Bruker BioSpin GmbH
##OWNER= nmrsu
$$ 2019-06-20 13:53:01.603 +0100  nmrsu@CZC1316Q6G
$$ C:/Data/MSc/Macnab/EMKM-11P1/2/pdata/1/procs
$$ process C:\Bruker\TopSpin3.2.6\prog\mod\peak.exe
##$ABSF1= 245.9043
##$ABSF2= -245.9043
##$ABSG= 5
##$ABSL= 3
##$ALPHA= 0
##$AQORDER= 0
##$ASSFAC= 0
##$ASSFACI= 0
##$ASSFACX= 0
##$ASSWID= 0
##$AUNMP= <proc_1dapks>
##$AXLEFT= 0
##$AXNAME= <>
##$AXNUC= <19F>
##$AXRIGHT= 0
##$AXTYPE= 0
##$AXUNIT= <>
##$AZFE= 0.1
##$AZFW= 5
##$BCFW= 0
##$BC_mod= 0
##$BYTORDP= 0
##$COROFFS= 0
##$CY= 15
##$DATMOD= 1
##$DC= 0
##$DFILT= <>
##$DTYPP= 0
##$ERETIC= no
##$F1P= 0
##$F2P= 0
##$FCOR= 0
##$FTSIZE= 65536
##$FT_mod= 6
##$GAMMA= 0
##$GB= 0
##$INTBC= 1
##$INTSCL= 1
##$ISEN= 128
##$LB= 0.3
##$LEV0= 0
##$LPBIN= 0
##$MAXI= 10000
##$MC2= 0
##$MEAN= 0
##$ME_mod= 0
##$MI= 0.4
##$MddCEXP= no
##$MddCT_SP= no
##$MddF180= no
##$MddLAMBDA= 0
##$MddMEMORY= 0
##$MddMERGE= 0
##$MddNCOMP= 0
##$MddNITER= 0
##$MddNOISE= 0
##$MddPHASE= 0
##$MddSEED= 0
##$MddSRSIZE= 0
##$Mdd_CsALG= 0
##$Mdd_CsLAMBDA= 0
##$Mdd_CsNITER= 0
##$Mdd_CsNORM= 0
##$Mdd_CsZF= 0
##$Mdd_mod= 0
##$NCOEF= 0
##$NC_proc= -4
##$NLEV= 6
##$NOISF1= 10
##$NOISF2= 9
##$NSP= 0
##$NTH_PI= 0
##$NZP= 0
##$OFFSET= 245.9043
##$PC= 1
##$PHC0= -14.24322
##$PHC1= 0
##$PH_mod= 1
##$PKNL= yes
##$PPARMOD= 0
##$PPDIAG= 0
##$PPIPTYP= 0
##$PPMPNUM= 2147483647
##$PPRESOL= 1
##$PSCAL= 0
##$PSIGN= 0
##$PYNMP= <proc.py>
##$REVERSE= no
##$SF= 282.404355214
##$SI= 65536
##$SIGF1= 1
##$SIGF2= -1
##$SINO= 0
##$SIOLD= 65536
##$SPECTYP= <>
##$SREGLST= <>
##$SSB= 0
##$STSI= 65536
##$STSR= 0
##$SW_p= 138888.888888889
##$SYMM= 0
##$S_DEV= 0
##$TDeff= 131072
##$TDoff= 0
##$TI= <>
##$TILT= no
##$TM1= 0
##$TM2= 0
##$TOPLEV= 0
##$USERP1= <>
##$USERP2= <>
##$USERP3= <>
##$USERP4= <>
##$USERP5= <>
##$WDW= 1
##$XDIM= 0
##$YMAX_p= 422694294
##$YMIN_p= -46068322
##END=
