##TITLE= Parameter file, TOPSPIN		Version 3.2
##JCAMPDX= 5.0
##DATATYPE= Parameter Values
##NPOINTS= 337	$$ modification sequence number
##ORIGIN= Bruker BioSpin GmbH
##OWNER= NMR Superuser
$$ 2019-05-07 09:32:32.276 +0100  NMR Superuser@new_nmr
$$ C:/Bruker/TopSpin3.2/conf/instr/spect/specpar
$$ process C:\Bruker\TopSpin3.2\prog\mod\cprserver.exe
##$ANCIEN= (0..7)
0 0 0 0 0 0 0 0
##$BF1= 100.13
##$BF2= 100.13
##$BF3= 100.13
##$DEC= 1
##$DECB= 1
##$DEF19F= yes
##$DEFRSEL= yes
##$HPMOD= (0..7)
0 0 0 0 0 0 0 0
##$HPPRECH= (0..15)
-1 -1 -1 -1 -1 -1 -1 -1 -1 -1 -1 -1 -1 -1 -1 -1
##$LOCSW19F= -1
##$LOCSW2H= -1
##$NUC1= 2
##$NUC2= 0
##$NUC3= 0
##$NUC4= 0
##$NUC5= 0
##$NUC6= 0
##$NUC7= 0
##$NUC8= 0
##$NUCARR= (0..123)
399.78 399.78 61.368664101 426.421235257 304.550153239 58.831968611 155.369687647
56.176338011 42.950995952 128.265311257 100.524760956 28.879647453 40.509355594
54.196003795 376.169037176 31.559816549 105.74940582 24.473072403 104.17011091
79.425040189 161.833910368 30.6871128 39.1700806 32.604957405 18.655225979
10.239585129 26.905309936 97.113546157 22.537733425 22.543742119 39.85930132
105.153925514 22.597548509 99.10233572 12.943988888 94.856096437 35.724544688
106.003557959 113.552283875 25.013447033 95.952613021 121.919723251 13.945585707
68.452786249 76.244094671 20.859409012 100.160801244 107.96665766 15.38193528
38.598531125 130.809831001 17.325753592 19.590011564 37.164740144 97.850832426
26.053366763 26.600141871 89.983785683 18.410472668 20.634120988 12.738777817
18.29433258 16.182370798 18.603894227 84.815245944 88.723875015 87.414915339
87.602308216 130.803014752 142.45064503 149.08048861 95.669660731 51.808357723
104.621394568 126.129666508 79.985927531 111.179561591 32.957547374 52.435712488
39.715972195 44.427263558 52.74817254 56.47148759 122.412636 21.78801 13.432608
16.670826 13.752432 99.385308 43.895844 12.273246 16.111134 96.107112 13.752432
19.269396 85.313052 11.513664 33.141762 69.958725527 19.2733938 45.5909112
32.5061118 16.0191846 10.0624626 47.93202288 16.656381949 90.04884588 90.95634648
9.124302872 31.04451612 6.8682204 7.4798838 85.939843075 6.9121962 71.603884192
26.431786517 228.36712896 230.608447556 83.636370682 64.241799566 7.36154892
100 100 100
##$OBS= 1
##$OFFSF= (0..7)
0 0 0 0 0 0 0 0
##$OFFSH= (0..7)
2798.50000003989 0 0 0 0 0 0 0
##$OFFSX= (0..7)
0 0 0 0 0 0 0 0
##$OFFSXAS= (0..7)
0 0 0 0 0 0 0 0
##$OFSF1= 0
##$OFSF2= 0
##$OFSH1= 0
##$OFSH2= 0
##$OFSH3= 0
##$OFSX1= 0
##$OFSX2= 0
##$OFSY= 0
##$PACOIL= (0..15)
0 0 0 0 0 0 0 0 0 0 0 0 0 0 0 0
##$PRECHAN= (0..15)
-1 2 0 1 -1 -1 -1 -1 -1 -1 -1 -1 -1 -1 -1 -1
##$RECPRE= (0..15)
-1 0 -1 -1 -1 -1 -1 -1 -1 -1 -1 -1 -1 -1 -1 -1
##$RECPRFX= (0..15)
1 0 0 0 0 0 0 0 0 0 0 0 0 0 0 0
##$RECSEL= (0..15)
0 0 1 0 0 0 0 0 0 0 0 0 0 0 0 0
##$SELREC= (0..9)
0 0 0 0 0 0 0 0 0 0
##$SFO1= 61.368664
##$SFO2= 399.78
##$SFO3= 399.782799
##$SFO4= 399.782799
##$SFO5= 399.782799
##$SFO6= 399.782799
##$SFO7= 399.782799
##$SFO8= 399.782799
##$TY= (0..123)
0 0 0 0 0 0 0 0 0 0 0 0 0 0 0 0 0 0 0 0 0 0 0 0 0 0 0 0 0 0 0 0 0 0 0 0
0 0 0 0 0 0 0 0 0 0 0 0 0 0 0 0 0 0 0 0 0 0 0 0 0 0 0 0 0 0 0 0 0 0 0 0
0 0 0 0 0 0 0 0 0 0 0 0 0 0 0 0 0 0 0 0 0 0 0 0 0 0 0 0 0 0 0 0 0 0 0 0
0 0 0 0 0 0 0 0 0 0 0 0 0 0 0 0
##END=
