##TITLE= Parameter file, TOPSPIN		Version 3.2
##JCAMPDX= 5.0
##DATATYPE= Parameter Values
##NPOINTS= 9	$$ modification sequence number
##ORIGIN= Bruker BioSpin GmbH
##OWNER= NMR Superuser
$$ 2019-07-26 11:49:16.382 +0100  NMR Superuser@new_nmr
$$ C:/Data/MSc/Macnab/EMKM-10C/1/pdata/1/proc
$$ process C:\Bruker\TopSpin3.2\prog\au\bin\proc_1d.exe
##$ABSF1= 10
##$ABSF2= 0
##$ABSG= 2
##$ABSL= 50
##$ALPHA= 0
##$AQORDER= 0
##$ASSFAC= 0
##$ASSFACI= 0
##$ASSFACX= 0
##$ASSWID= 0
##$AUNMP= <proc_1d>
##$AXLEFT= 0
##$AXNAME= <>
##$AXNUC= <off>
##$AXRIGHT= 0
##$AXTYPE= 0
##$AXUNIT= <>
##$AZFE= 0.05
##$AZFW= 0.05
##$BCFW= 1
##$BC_mod= 2
##$BYTORDP= 0
##$COROFFS= 0
##$CY= 15
##$DATMOD= 1
##$DC= 2
##$DFILT= <>
##$DTYPP= 0
##$ERETIC= no
##$F1P= 16.9996700286865
##$F2P= -2.99966679330448
##$FCOR= 0.5
##$FTSIZE= 131072
##$FT_mod= 6
##$GAMMA= 1
##$GB= 0
##$INTBC= 1
##$INTSCL= 1
##$ISEN= 256
##$LB= 0.3
##$LEV0= 0
##$LPBIN= 0
##$MAXI= 10000
##$MC2= 0
##$MEAN= 0
##$ME_mod= 0
##$MI= 0.1
##$MddCEXP= no
##$MddCT_SP= no
##$MddF180= no
##$MddLAMBDA= 0
##$MddMEMORY= 0
##$MddMERGE= 23
##$MddNCOMP= 0
##$MddNITER= 0
##$MddNOISE= 0.8
##$MddPHASE= 0
##$MddSEED= 0
##$MddSRSIZE= 0
##$Mdd_CsALG= 0
##$Mdd_CsLAMBDA= 1
##$Mdd_CsNITER= 10
##$Mdd_CsNORM= 0
##$Mdd_CsZF= 2
##$Mdd_mod= 0
##$NCOEF= 0
##$NC_proc= 0
##$NLEV= 6
##$NOISF1= 14.58333
##$NOISF2= 12.58333
##$NSP= 1
##$NTH_PI= 0
##$NZP= 0
##$OFFSET= 17.00017
##$PC= 1
##$PHC0= 96.2
##$PHC1= 0
##$PH_mod= 1
##$PKNL= yes
##$PPARMOD= 0
##$PPDIAG= 0
##$PPIPTYP= 0
##$PPMPNUM= 2147483647
##$PPRESOL= 1
##$PSCAL= 0
##$PSIGN= 0
##$PYNMP= <proc.py>
##$REVERSE= no
##$SF= 399.78
##$SI= 131072
##$SIGF1= 0.7
##$SIGF2= 0.6
##$SINO= 400
##$SIOLD= 131072
##$SPECTYP= <>
##$SREGLST= <1H.CDCl3>
##$SSB= 0
##$STSI= 0
##$STSR= 0
##$SW_p= 7995.73560767591
##$SYMM= 0
##$S_DEV= 0
##$TDeff= 0
##$TDoff= 0
##$TI= <
Proton_8_ncl.icon CDCl3 {C:\Data\MSc} Macnab 17

>
##$TILT= no
##$TM1= 0
##$TM2= 0
##$TOPLEV= 0
##$USERP1= <user>
##$USERP2= <user>
##$USERP3= <user>
##$USERP4= <user>
##$USERP5= <user>
##$WDW= 1
##$XDIM= 8192
##$YMAX_p= 0
##$YMIN_p= 0
##END=
