##TITLE= Parameter file, TOPSPIN		Version 3.2
##JCAMPDX= 5.0
##DATATYPE= Parameter Values
##NPOINTS= 4	$$ modification sequence number
##ORIGIN= Bruker BioSpin GmbH
##OWNER= NMR Superuser
$$ 2019-08-09 09:49:54.375 +0100  NMR Superuser@new_nmr
$$ C:/Data/MSc/Macnab/EMKM-51P1/11/acqu2
$$ process C:\Bruker\TopSpin3.2\prog\au\bin\user\au_getlcosy.exe
##$ACQT0= 0
##$BF1= 399.78
##$FnMODE= 1
##$NUC1= <1H>
##$NusJSP= 0
##$NusT2= 1
##$NusTD= 0
##$O1= 2514.06953117339
##$SFO1= 399.782514069531
##$SW= 9.43342866618578
##$SW_h= 5341.88034188034
##$TD= 256
##END=
